GEM
  remote: https://rubygems.org/
  specs:
    ya2yaml (0.31)

PLATFORMS
  ruby

DEPENDENCIES
  ya2yaml

BUNDLED WITH
   1.13.1
