PATH
  remote: .
  specs:
    yamlclean (0.1.0)

GEM
  remote: https://rubygems.org/
  specs:
    minitest (5.9.0)
    rake (10.5.0)
    ya2yaml (0.31)

PLATFORMS
  ruby

DEPENDENCIES
  bundler (~> 1.13)
  minitest (~> 5.0)
  rake (~> 10.0)
  ya2yaml
  yamlclean!

BUNDLED WITH
   1.13.1
